GEM
  remote: https://rubygems.org/
  specs:
    byebug (11.1.3)
    coderay (1.1.3)
    fxruby (1.6.42)
      mini_portile2 (~> 2.1)
    method_source (1.0.0)
    mini_portile2 (2.5.0)
    minitest (5.14.2)
    pry (0.13.1)
      coderay (~> 1.1)
      method_source (~> 1.0)
    pry-byebug (3.9.0)
      byebug (~> 11.0)
      pry (~> 0.13.0)
    pry-doc (1.1.0)
      pry (~> 0.11)
      yard (~> 0.9.11)
    yard (0.9.25)

PLATFORMS
  ruby

DEPENDENCIES
  fxruby
  minitest
  pry-byebug
  pry-doc

BUNDLED WITH
   2.1.4
